PATH
  remote: .
  specs:
    dynamic_image (3.0.2)
      dis (~> 1.1, >= 1.1.11)
      rails (> 5.0)
      ruby-vips (~> 2.1.0)
      vector2d (~> 2.2, >= 2.2.1)

GEM
  remote: https://rubygems.org/
  specs:
    actioncable (7.0.3)
      actionpack (= 7.0.3)
      activesupport (= 7.0.3)
      nio4r (~> 2.0)
      websocket-driver (>= 0.6.1)
    actionmailbox (7.0.3)
      actionpack (= 7.0.3)
      activejob (= 7.0.3)
      activerecord (= 7.0.3)
      activestorage (= 7.0.3)
      activesupport (= 7.0.3)
      mail (>= 2.7.1)
      net-imap
      net-pop
      net-smtp
    actionmailer (7.0.3)
      actionpack (= 7.0.3)
      actionview (= 7.0.3)
      activejob (= 7.0.3)
      activesupport (= 7.0.3)
      mail (~> 2.5, >= 2.5.4)
      net-imap
      net-pop
      net-smtp
      rails-dom-testing (~> 2.0)
    actionpack (7.0.3)
      actionview (= 7.0.3)
      activesupport (= 7.0.3)
      rack (~> 2.0, >= 2.2.0)
      rack-test (>= 0.6.3)
      rails-dom-testing (~> 2.0)
      rails-html-sanitizer (~> 1.0, >= 1.2.0)
    actiontext (7.0.3)
      actionpack (= 7.0.3)
      activerecord (= 7.0.3)
      activestorage (= 7.0.3)
      activesupport (= 7.0.3)
      globalid (>= 0.6.0)
      nokogiri (>= 1.8.5)
    actionview (7.0.3)
      activesupport (= 7.0.3)
      builder (~> 3.1)
      erubi (~> 1.4)
      rails-dom-testing (~> 2.0)
      rails-html-sanitizer (~> 1.1, >= 1.2.0)
    activejob (7.0.3)
      activesupport (= 7.0.3)
      globalid (>= 0.3.6)
    activemodel (7.0.3)
      activesupport (= 7.0.3)
    activerecord (7.0.3)
      activemodel (= 7.0.3)
      activesupport (= 7.0.3)
    activestorage (7.0.3)
      actionpack (= 7.0.3)
      activejob (= 7.0.3)
      activerecord (= 7.0.3)
      activesupport (= 7.0.3)
      marcel (~> 1.0)
      mini_mime (>= 1.1.0)
    activesupport (7.0.3)
      concurrent-ruby (~> 1.0, >= 1.0.2)
      i18n (>= 1.6, < 2)
      minitest (>= 5.1)
      tzinfo (~> 2.0)
    ast (2.4.2)
    binding_of_caller (1.0.0)
      debug_inspector (>= 0.0.1)
    builder (3.2.4)
    coderay (1.1.3)
    concurrent-ruby (1.1.10)
    contracts (0.9)
    crass (1.0.6)
    debug_inspector (1.1.0)
    diff-lcs (1.5.0)
    digest (3.1.0)
    dis (1.1.11)
      fog-core (~> 2.1.2)
      fog-local
      pmap (~> 1.1.0)
      rails (> 5.0)
    docile (1.4.0)
    erubi (1.10.0)
    excon (0.92.3)
    ffi (1.15.5)
    fog-core (2.1.2)
      builder
      excon (~> 0.58)
      formatador (~> 0.2)
      mime-types
    fog-local (0.8.0)
      fog-core (>= 1.27, < 3.0)
    formatador (0.3.0)
    globalid (1.0.0)
      activesupport (>= 5.0)
    i18n (1.10.0)
      concurrent-ruby (~> 1.0)
    interception (0.5)
    jquery-rails (4.4.0)
      rails-dom-testing (>= 1, < 3)
      railties (>= 4.2.0)
      thor (>= 0.14, < 2.0)
    json (2.6.2)
    loofah (2.18.0)
      crass (~> 1.0.2)
      nokogiri (>= 1.5.9)
    mail (2.7.1)
      mini_mime (>= 0.1.1)
    marcel (1.0.2)
    method_source (1.0.0)
    mime-types (3.4.1)
      mime-types-data (~> 3.2015)
    mime-types-data (3.2022.0105)
    mini_mime (1.1.2)
    minitest (5.15.0)
    net-imap (0.2.3)
      digest
      net-protocol
      strscan
    net-pop (0.1.1)
      digest
      net-protocol
      timeout
    net-protocol (0.1.3)
      timeout
    net-smtp (0.3.1)
      digest
      net-protocol
      timeout
    nio4r (2.5.8)
    nokogiri (1.13.6-x86_64-darwin)
      racc (~> 1.4)
    nokogiri (1.13.6-x86_64-linux)
      racc (~> 1.4)
    parallel (1.22.1)
    parser (3.1.2.0)
      ast (~> 2.4.1)
    pmap (1.1.1)
    pry (0.14.1)
      coderay (~> 1.1)
      method_source (~> 1.0)
    pry-rescue (1.5.2)
      interception (>= 0.5)
      pry (>= 0.12.0)
    pry-stack_explorer (0.6.1)
      binding_of_caller (~> 1.0)
      pry (~> 0.13)
    racc (1.6.0)
    rack (2.2.3.1)
    rack-test (1.1.0)
      rack (>= 1.0, < 3)
    rails (7.0.3)
      actioncable (= 7.0.3)
      actionmailbox (= 7.0.3)
      actionmailer (= 7.0.3)
      actionpack (= 7.0.3)
      actiontext (= 7.0.3)
      actionview (= 7.0.3)
      activejob (= 7.0.3)
      activemodel (= 7.0.3)
      activerecord (= 7.0.3)
      activestorage (= 7.0.3)
      activesupport (= 7.0.3)
      bundler (>= 1.15.0)
      railties (= 7.0.3)
    rails-controller-testing (1.0.5)
      actionpack (>= 5.0.1.rc1)
      actionview (>= 5.0.1.rc1)
      activesupport (>= 5.0.1.rc1)
    rails-dom-testing (2.0.3)
      activesupport (>= 4.2.0)
      nokogiri (>= 1.6)
    rails-html-sanitizer (1.4.2)
      loofah (~> 2.3)
    railties (7.0.3)
      actionpack (= 7.0.3)
      activesupport (= 7.0.3)
      method_source
      rake (>= 12.2)
      thor (~> 1.0)
      zeitwerk (~> 2.5)
    rainbow (3.1.1)
    rake (13.0.6)
    regexp_parser (2.4.0)
    rexml (3.2.5)
    rspec-core (3.11.0)
      rspec-support (~> 3.11.0)
    rspec-expectations (3.11.0)
      diff-lcs (>= 1.2.0, < 2.0)
      rspec-support (~> 3.11.0)
    rspec-mocks (3.11.1)
      diff-lcs (>= 1.2.0, < 2.0)
      rspec-support (~> 3.11.0)
    rspec-rails (5.1.2)
      actionpack (>= 5.2)
      activesupport (>= 5.2)
      railties (>= 5.2)
      rspec-core (~> 3.10)
      rspec-expectations (~> 3.10)
      rspec-mocks (~> 3.10)
      rspec-support (~> 3.10)
    rspec-support (3.11.0)
    rubocop (1.29.1)
      parallel (~> 1.10)
      parser (>= 3.1.0.0)
      rainbow (>= 2.2.2, < 4.0)
      regexp_parser (>= 1.8, < 3.0)
      rexml (>= 3.2.5, < 4.0)
      rubocop-ast (>= 1.17.0, < 2.0)
      ruby-progressbar (~> 1.7)
      unicode-display_width (>= 1.4.0, < 3.0)
    rubocop-ast (1.18.0)
      parser (>= 3.1.1.0)
    rubocop-rails (2.14.2)
      activesupport (>= 4.2.0)
      rack (>= 1.1)
      rubocop (>= 1.7.0, < 2.0)
    rubocop-rspec (2.11.1)
      rubocop (~> 1.19)
    ruby-progressbar (1.11.0)
    ruby-vips (2.1.4)
      ffi (~> 1.12)
    simplecov (0.17.1)
      docile (~> 1.1)
      json (>= 1.8, < 3)
      simplecov-html (~> 0.10.0)
    simplecov-html (0.10.2)
    sqlite3 (1.4.2)
    strscan (3.0.3)
    thor (1.2.1)
    timeout (0.2.0)
    tzinfo (2.0.4)
      concurrent-ruby (~> 1.0)
    unicode-display_width (2.1.0)
    vector2d (2.2.3)
      contracts (~> 0.9.0)
    websocket-driver (0.7.5)
      websocket-extensions (>= 0.1.0)
    websocket-extensions (0.1.5)
    zeitwerk (2.5.4)

PLATFORMS
  x86_64-darwin-20
  x86_64-darwin-21
  x86_64-linux

DEPENDENCIES
  dynamic_image!
  jquery-rails
  mime-types
  pry
  pry-rescue
  pry-stack_explorer
  rails (~> 7.0.0)
  rails-controller-testing
  rspec-rails
  rubocop
  rubocop-rails
  rubocop-rspec
  simplecov (~> 0.17.1)
  sqlite3

BUNDLED WITH
   2.3.11
